GEM
  remote: http://rubygems.org/
  specs:
    activemodel (3.1.1)
      activesupport (= 3.1.1)
      builder (~> 3.0.0)
      i18n (~> 0.6)
    activesupport (3.1.1)
      multi_json (~> 1.0)
    addressable (2.2.6)
    builder (3.0.0)
    couchrest (1.1.2)
      mime-types (~> 1.15)
      multi_json (~> 1.0.0)
      rest-client (~> 1.6.1)
    couchrest_model (1.1.2)
      activemodel (~> 3.0)
      couchrest (~> 1.1.2)
      mime-types (~> 1.15)
      tzinfo (~> 0.3.22)
    css_parser (1.2.5)
      addressable
    daemons (1.1.4)
    dalli (1.1.3)
    escape (0.0.4)
    escape_utils (0.2.4)
    eventmachine (0.12.10)
    foreman (0.41.0)
      thor (>= 0.13.6)
    haml (3.1.3)
    highline (1.6.2)
    i18n (0.6.0)
    memcachier (0.0.1)
    mime-types (1.17.2)
    multi_json (1.0.3)
    newrelic_rpm (3.3.0)
    nokogiri (1.5.0)
    pr_geohash (1.0.0)
    r18n-core (0.4.11)
    rack (1.4.1)
    rack-protection (1.1.4)
      rack
    rack-test (0.6.1)
      rack (>= 1.0)
    rake (0.9.2.2)
    rest-client (1.6.7)
      mime-types (>= 1.16)
    rsolr (1.0.7)
      builder (>= 2.1.2)
    sinatra (1.3.1)
      rack (~> 1.3, >= 1.3.4)
      rack-protection (~> 1.1, >= 1.1.2)
      tilt (~> 1.3, >= 1.3.3)
    sinatra-r18n (0.4.11)
      r18n-core (= 0.4.11)
      sinatra (>= 1.3)
    sunspot (1.3.0)
      escape (~> 0.0.4)
      pr_geohash (~> 1.0)
      rsolr (~> 1.0.6)
    sunspot_rails (1.3.0)
      nokogiri
      sunspot (= 1.3.0)
    sunspot_solr (1.3.1)
      escape (~> 0.0.4)
    test-unit (2.4.4)
    thin (1.2.11)
      daemons (>= 1.0.9)
      eventmachine (>= 0.12.6)
      rack (>= 1.0.0)
    thor (0.14.6)
    tilt (1.3.3)
    tzinfo (0.3.30)

PLATFORMS
  ruby

DEPENDENCIES
  couchrest
  couchrest_model
  css_parser
  dalli
  escape_utils
  foreman
  haml
  highline
  memcachier
  newrelic_rpm
  nokogiri
  rack
  rack-test
  rake
  sinatra
  sinatra-r18n
  sunspot (~> 1.3)
  sunspot_rails (~> 1.3)
  sunspot_solr (~> 1.3.1)
  test-unit
  thin
